GEM
  remote: http://rubygems.org/
  specs:
    addressable (2.2.5)
    em-http-request (0.3.0)
      addressable (>= 2.0.0)
      escape_utils
      eventmachine (>= 0.12.9)
    em-spec (0.2.1)
    escape_utils (0.2.3)
    eventmachine (0.12.10)
    git (1.2.5)
    guid (0.1.1)
    jeweler (1.5.2)
      bundler (~> 1.0.0)
      git (>= 1.2.5)
      rake
    json (1.5.1)
    mime-types (1.16)
    rake (0.9.2)
    rcov (0.9.9)
    rest-client (1.6.7)
      mime-types (>= 1.16)
    rspec (1.3.1)

PLATFORMS
  ruby

DEPENDENCIES
  em-http-request
  em-spec
  eventmachine
  guid
  jeweler (~> 1.5.2)
  json
  rake
  rcov
  rest-client (~> 1.6.7)
  rspec (~> 1.3)
