GEM
  remote: http://rubygems.org/
  specs:
    em-spec (0.2.1)
    git (1.2.5)
    jeweler (1.5.2)
      bundler (~> 1.0.0)
      git (>= 1.2.5)
      rake
    json (1.5.1)
    mime-types (1.16)
    rake (0.9.2)
    rcov (0.9.9)
    rest-client (1.6.7)
      mime-types (>= 1.16)
    rspec (1.3.1)

PLATFORMS
  ruby

DEPENDENCIES
  em-spec
  jeweler (~> 1.5.2)
  json
  rake
  rcov
  rest-client (~> 1.6.7)
  rspec (~> 1.3)
